GIT
  remote: git://github.com/bradhe/ruby-git.git
  revision: de8e04d4e37a54136d4c74d1eb07642cb4849bba
  specs:
    git (1.2.5)

GIT
  remote: git://github.com/quintel/osmosis.git
  revision: ac8a371a76fe9bafd72edca03a8b1f3891abcf8d
  specs:
    osmosis (1.0.0)

GIT
  remote: git://github.com/quintel/rubel.git
  revision: d2ab7738766c79e51685ea8e7e91aa44bc3ac3c5
  specs:
    rubel (0.0.4)

GIT
  remote: git://github.com/quintel/ruby-deepclone.git
  revision: f1f7c67a7611768314fb8c04368f90484886efb5
  specs:
    deep_clone (0.0.3)

GIT
  remote: git://github.com/rails/jbuilder.git
  revision: 57e30e48c8900b6b3674691847e33e933bffe78b
  specs:
    jbuilder (1.4.0)
      activesupport (>= 3.0.0)
      multi_json (>= 1.2.0)

GIT
  remote: git@github.com:quintel/atlas.git
  revision: a3acccb7130763598e70bee4ef866c9035cc42b3
  specs:
    atlas (0.0.2)
      activemodel (>= 3.2.12)
      rubel (>= 0.0.3)
      turbine-graph (>= 0.1)
      virtus (>= 0.5.4)

GIT
  remote: git@github.com:quintel/merit.git
  revision: f6256154c918fb24cbe3064f918c02bc9beeb9b1
  specs:
    merit (0.0.9)
      terminal-table

GIT
  remote: git@github.com:quintel/refinery.git
  revision: 639d53575e2c7d17fad429522a5c3d6f3ce09f29
  specs:
    refinery (0.0.1)
      ruby-graphviz
      terminal-table
      turbine-graph (>= 0.1.1)

GEM
  remote: http://rubygems.org/
  remote: http://gems.github.com/
  specs:
    actionmailer (3.2.13)
      actionpack (= 3.2.13)
      mail (~> 2.5.3)
    actionpack (3.2.13)
      activemodel (= 3.2.13)
      activesupport (= 3.2.13)
      builder (~> 3.0.0)
      erubis (~> 2.7.0)
      journey (~> 1.0.4)
      rack (~> 1.4.5)
      rack-cache (~> 1.2)
      rack-test (~> 0.6.1)
      sprockets (~> 2.2.1)
    activemodel (3.2.13)
      activesupport (= 3.2.13)
      builder (~> 3.0.0)
    activerecord (3.2.13)
      activemodel (= 3.2.13)
      activesupport (= 3.2.13)
      arel (~> 3.0.2)
      tzinfo (~> 0.3.29)
    activerecord-import (0.2.11)
      activerecord (~> 3.0)
      activerecord (~> 3.0)
    activeresource (3.2.13)
      activemodel (= 3.2.13)
      activesupport (= 3.2.13)
    activesupport (3.2.13)
      i18n (= 0.6.1)
      multi_json (~> 1.0)
    airbrake (3.1.12)
      activesupport
      builder
      json
    annotate (2.5.0)
      rake
    arel (3.0.2)
    authlogic (3.3.0)
      activerecord (>= 3.2)
      activesupport (>= 3.2)
    backports (3.3.3)
    better_errors (0.8.0)
      coderay (>= 1.0.0)
      erubis (>= 2.6.6)
    binding_of_caller (0.7.2)
      debug_inspector (>= 0.0.1)
    builder (3.0.4)
    cancan (1.6.10)
    capistrano (2.15.5)
      highline
      net-scp (>= 1.0.0)
      net-sftp (>= 2.0.0)
      net-ssh (>= 2.0.14)
      net-ssh-gateway (>= 1.1.0)
    coderay (1.0.9)
    coffee-rails (3.2.2)
      coffee-script (>= 2.2.0)
      railties (~> 3.2.0)
    coffee-script (2.2.0)
      coffee-script-source
      execjs
    coffee-script-source (1.6.2)
    columnize (0.3.6)
    dalli (2.6.3)
    debug_inspector (0.0.2)
    debugger (1.6.1)
      columnize (>= 0.3.1)
      debugger-linecache (~> 1.2.0)
      debugger-ruby_core_source (~> 1.2.3)
    debugger-linecache (1.2.0)
    debugger-ruby_core_source (1.2.3)
    default_value_for (2.0.2)
    descendants_tracker (0.0.1)
    diff-lcs (1.2.4)
    distribution (0.7.0)
    erubis (2.7.0)
    execjs (1.4.0)
      multi_json (~> 1.0)
    factory_girl (4.2.0)
      activesupport (>= 3.0.0)
    factory_girl_rails (4.2.1)
      factory_girl (~> 4.2.0)
      railties (>= 3.0.0)
    ffi (1.8.1)
    fileutils (0.7)
      rmagick (>= 2.13.1)
    fnv (0.2.0)
    guard (1.4.0)
      listen (>= 0.4.2)
      thor (>= 0.14.6)
    guard-rspec (2.5.4)
      guard (>= 1.1)
      rspec (~> 2.11)
    haml (3.1.8)
    highline (1.6.18)
    hike (1.2.2)
    i18n (0.6.1)
    journey (1.0.4)
    jquery-rails (2.0.3)
      railties (>= 3.1.0, < 5.0)
      thor (~> 0.14)
    json (1.7.7)
    kaminari (0.13.0)
      actionpack (>= 3.0.0)
      activesupport (>= 3.0.0)
      railties (>= 3.0.0)
    kgio (2.8.0)
    libv8 (3.11.8.17)
    listen (1.0.3)
      rb-fsevent (>= 0.9.3)
      rb-inotify (>= 0.9)
      rb-kqueue (>= 0.2)
    mail (2.5.3)
      i18n (>= 0.4.0)
      mime-types (~> 1.16)
      treetop (~> 1.4.8)
    method_source (0.8.1)
    mime-types (1.23)
    multi_json (1.7.9)
    mysql2 (0.3.11)
    net-scp (1.1.2)
      net-ssh (>= 2.6.5)
    net-sftp (2.1.2)
      net-ssh (>= 2.6.5)
    net-ssh (2.6.8)
    net-ssh-gateway (1.2.0)
      net-ssh (>= 2.6.5)
    nokogiri (1.5.9)
    polyglot (0.3.3)
    pry (0.9.12.2)
      coderay (~> 1.0.5)
      method_source (~> 0.8)
      slop (~> 3.4)
    pry-debugger (0.2.2)
      debugger (~> 1.3)
      pry (~> 0.9.10)
    pry-rails (0.3.1)
      pry (>= 0.9.10)
    pry-remote (0.1.7)
      pry (~> 0.9)
      slop (~> 3.0)
    pry-stack_explorer (0.4.9)
      binding_of_caller (>= 0.7)
      pry (~> 0.9.11)
    quiet_assets (1.0.2)
      railties (>= 3.1, < 5.0)
    rack (1.4.5)
    rack-cache (1.2)
      rack (>= 0.4)
    rack-cors (0.2.7)
      rack
    rack-ssl (1.3.3)
      rack
    rack-test (0.6.2)
      rack (>= 1.0)
    rails (3.2.13)
      actionmailer (= 3.2.13)
      actionpack (= 3.2.13)
      activerecord (= 3.2.13)
      activeresource (= 3.2.13)
      activesupport (= 3.2.13)
      bundler (~> 1.0)
      railties (= 3.2.13)
    railties (3.2.13)
      actionpack (= 3.2.13)
      activesupport (= 3.2.13)
      rack-ssl (~> 1.3.2)
      rake (>= 0.8.7)
      rdoc (~> 3.4)
      thor (>= 0.14.6, < 2.0)
    raindrops (0.11.0)
    rake (10.0.4)
    rb-fsevent (0.9.3)
    rb-inotify (0.9.0)
      ffi (>= 0.5.0)
    rb-kqueue (0.2.0)
      ffi (>= 0.5.0)
    rdiscount (2.0.7.3)
    rdoc (3.12.2)
      json (~> 1.4)
    ref (1.0.4)
    rest-client (1.6.7)
      mime-types (>= 1.16)
    rmagick (2.13.2)
    rspec (2.13.0)
      rspec-core (~> 2.13.0)
      rspec-expectations (~> 2.13.0)
      rspec-mocks (~> 2.13.0)
    rspec-core (2.13.1)
    rspec-expectations (2.13.0)
      diff-lcs (>= 1.1.3, < 2.0)
    rspec-mocks (2.13.1)
    rspec-rails (2.13.1)
      actionpack (>= 3.0)
      activesupport (>= 3.0)
      railties (>= 3.0)
      rspec-core (~> 2.13.0)
      rspec-expectations (~> 2.13.0)
      rspec-mocks (~> 2.13.0)
    ruby-graphviz (1.0.9)
    ruby-prof (0.13.0)
    rubyzip (0.9.4)
    sass (3.2.8)
    sass-rails (3.2.6)
      railties (~> 3.2.0)
      sass (>= 3.1.10)
      tilt (~> 1.3)
    shoulda-matchers (2.1.0)
      activesupport (>= 3.0.0)
    simple_form (2.1.0)
      actionpack (~> 3.0)
      activemodel (~> 3.0)
    simplecov (0.7.1)
      multi_json (~> 1.0)
      simplecov-html (~> 0.7.1)
    simplecov-html (0.7.1)
    slop (3.4.5)
    sprockets (2.2.2)
      hike (~> 1.2)
      multi_json (~> 1.0)
      rack (~> 1.0)
      tilt (~> 1.1, != 1.3.0)
    term-ansicolor (1.0.7)
    terminal-table (1.4.5)
    text-table (1.2.3)
    therubyracer (0.11.4)
      libv8 (~> 3.11.8.12)
      ref
    thor (0.18.1)
    tilt (1.4.0)
    treetop (1.4.12)
      polyglot
      polyglot (>= 0.3.1)
    turbine-graph (0.1.1)
    tzinfo (0.3.37)
    unicorn (4.6.2)
      kgio (~> 2.6)
      rack
      raindrops (~> 0.7)
    virtus (0.5.5)
      backports (~> 3.3)
      descendants_tracker (~> 0.0.1)
    watchr (0.7)
    webrat (0.7.3)
      nokogiri (>= 1.2.0)
      rack (>= 1.0)
      rack-test (>= 0.5.3)
    yard (0.7.5)

PLATFORMS
  ruby

DEPENDENCIES
  activerecord-import (~> 0.2.9)
  airbrake
  annotate
  atlas (= 0.0.2)!
  authlogic
  better_errors
  cancan
  capistrano
  coffee-rails (~> 3.2.1)
  dalli
  deep_clone!
  default_value_for
  distribution (~> 0.6)
  factory_girl_rails
  fileutils
  fnv
  git!
  guard
  guard-rspec
  haml (~> 3.1.4)
  highline
  jbuilder!
  jquery-rails (~> 2.0.2)
  kaminari (~> 0.13.0)
  libv8 (~> 3.11.8)
  listen
  merit!
  mysql2 (~> 0.3.11)
  osmosis!
  pry-debugger
  pry-rails
  pry-remote
  pry-stack_explorer
  quiet_assets
  rack-cors
  rails (= 3.2.13)
  rb-fsevent
  rdiscount
  refinery!
  rest-client
  rspec-rails (~> 2.12)
  rubel (>= 0.0.3)!
  ruby-graphviz
  ruby-prof
  rubyzip (= 0.9.4)
  sass-rails (~> 3.2.3)
  shoulda-matchers
  simple_form
  simplecov (~> 0.7.1)
  term-ansicolor (= 1.0.7)
  text-table
  therubyracer (~> 0.11.4)
  turbine-graph (>= 0.1)
  unicorn
  watchr
  webrat
  yard (~> 0.7.2)
