GIT
  remote: git://github.com/bradhe/ruby-git.git
  revision: de8e04d4e37a54136d4c74d1eb07642cb4849bba
  specs:
    git (1.2.5)

GIT
  remote: git://github.com/rails/jbuilder.git
  revision: 3a90f261f0f4e0a6fc4aa6a1f2203ca6ef4fcc44
  specs:
    jbuilder (0.9.0)
      activesupport (>= 3.0.0)

GIT
  remote: git@github.com:quintel/merit.git
  revision: 6abe857de1f3808d69bcebeb9f3d047cfef3a384
  specs:
    merit (0.0.5)
      terminal-table

GEM
  remote: http://rubygems.org/
  remote: http://gems.github.com/
  specs:
    actionmailer (3.2.9)
      actionpack (= 3.2.9)
      mail (~> 2.4.4)
    actionpack (3.2.9)
      activemodel (= 3.2.9)
      activesupport (= 3.2.9)
      builder (~> 3.0.0)
      erubis (~> 2.7.0)
      journey (~> 1.0.4)
      rack (~> 1.4.0)
      rack-cache (~> 1.2)
      rack-test (~> 0.6.1)
      sprockets (~> 2.2.1)
    activemodel (3.2.9)
      activesupport (= 3.2.9)
      builder (~> 3.0.0)
    activerecord (3.2.9)
      activemodel (= 3.2.9)
      activesupport (= 3.2.9)
      arel (~> 3.0.2)
      tzinfo (~> 0.3.29)
    activerecord-import (0.2.11)
      activerecord (~> 3.0)
      activerecord (~> 3.0)
    activeresource (3.2.9)
      activemodel (= 3.2.9)
      activesupport (= 3.2.9)
    activesupport (3.2.9)
      i18n (~> 0.6)
      multi_json (~> 1.0)
    airbrake (3.1.6)
      builder
      girl_friday
    annotate (2.5.0)
      rake
    arel (3.0.2)
    authlogic (3.2.0)
      activerecord (>= 3.0.0)
      activesupport (>= 3.0.0)
    better_errors (0.2.0)
      coderay (>= 1.0.0)
      erubis (>= 2.7.0)
    binding_of_caller (0.6.8)
    bourne (1.1.2)
      mocha (= 0.10.5)
    builder (3.0.4)
    cancan (1.6.8)
    coderay (1.0.8)
    coffee-rails (3.2.2)
      coffee-script (>= 2.2.0)
      railties (~> 3.2.0)
    coffee-script (2.2.0)
      coffee-script-source
      execjs
    coffee-script-source (1.4.0)
    columnize (0.3.6)
    connection_pool (0.9.2)
    dalli (2.5.0)
    debugger (1.1.4)
      columnize (>= 0.3.1)
      debugger-linecache (~> 1.1.1)
      debugger-ruby_core_source (~> 1.1.3)
    debugger-linecache (1.1.2)
      debugger-ruby_core_source (>= 1.1.1)
    debugger-ruby_core_source (1.1.5)
    default_value_for (2.0.1)
    diff-lcs (1.1.3)
    distribution (0.7.0)
    erubis (2.7.0)
    execjs (1.4.0)
      multi_json (~> 1.0)
    factory_girl (4.1.0)
      activesupport (>= 3.0.0)
    factory_girl_rails (4.1.0)
      factory_girl (~> 4.1.0)
      railties (>= 3.0.0)
    fileutils (0.7)
      rmagick (>= 2.13.1)
    fnv (0.2.0)
    girl_friday (0.11.1)
      connection_pool (~> 0.9.0)
      rubinius-actor
    guard (1.4.0)
      listen (>= 0.4.2)
      thor (>= 0.14.6)
    guard-rspec (2.3.1)
      guard (>= 1.1)
      rspec (~> 2.11)
    haml (3.1.7)
    highline (1.6.15)
    hike (1.2.1)
    i18n (0.6.1)
    journey (1.0.4)
    jquery-rails (2.0.3)
      railties (>= 3.1.0, < 5.0)
      thor (~> 0.14)
    json (1.7.5)
    kaminari (0.13.0)
      actionpack (>= 3.0.0)
      activesupport (>= 3.0.0)
      railties (>= 3.0.0)
    kgio (2.7.4)
    libv8 (3.11.8.4)
    listen (0.6.0)
    mail (2.4.4)
      i18n (>= 0.4.0)
      mime-types (~> 1.16)
      treetop (~> 1.4.8)
    metaclass (0.0.1)
    method_source (0.7.1)
    mime-types (1.19)
    mocha (0.10.5)
      metaclass (~> 0.0.1)
    multi_json (1.0.4)
    mysql2 (0.3.11)
    nokogiri (1.5.5)
    polyglot (0.3.3)
    pry (0.9.9.6)
      coderay (~> 1.0.5)
      method_source (~> 0.7.1)
      slop (>= 2.4.4, < 3)
    pry-debugger (0.2.0)
      debugger (~> 1.1.3)
      pry (~> 0.9.9)
    pry-rails (0.2.0)
      pry
    pry-remote (0.1.5)
      pry (~> 0.9.9)
      slop (~> 2.1)
    pry-stack_explorer (0.4.7)
      binding_of_caller (~> 0.6.8)
    quiet_assets (1.0.1)
      railties (~> 3.1)
    rack (1.4.1)
    rack-cache (1.2)
      rack (>= 0.4)
    rack-cors (0.2.7)
      rack
    rack-ssl (1.3.2)
      rack
    rack-test (0.6.2)
      rack (>= 1.0)
    rails (3.2.9)
      actionmailer (= 3.2.9)
      actionpack (= 3.2.9)
      activerecord (= 3.2.9)
      activeresource (= 3.2.9)
      activesupport (= 3.2.9)
      bundler (~> 1.0)
      railties (= 3.2.9)
    railties (3.2.9)
      actionpack (= 3.2.9)
      activesupport (= 3.2.9)
      rack-ssl (~> 1.3.2)
      rake (>= 0.8.7)
      rdoc (~> 3.4)
      thor (>= 0.14.6, < 2.0)
    raindrops (0.10.0)
    rake (10.0.3)
    rb-fsevent (0.9.2)
    rdiscount (1.6.8)
    rdoc (3.12)
      json (~> 1.4)
    ref (1.0.2)
    rest-client (1.6.7)
      mime-types (>= 1.16)
    rmagick (2.13.1)
    rspec (2.12.0)
      rspec-core (~> 2.12.0)
      rspec-expectations (~> 2.12.0)
      rspec-mocks (~> 2.12.0)
    rspec-core (2.12.2)
    rspec-expectations (2.12.0)
      diff-lcs (~> 1.1.3)
    rspec-mocks (2.12.0)
    rspec-rails (2.12.0)
      actionpack (>= 3.0)
      activesupport (>= 3.0)
      railties (>= 3.0)
      rspec-core (~> 2.12.0)
      rspec-expectations (~> 2.12.0)
      rspec-mocks (~> 2.12.0)
    rubel (0.0.3)
    rubinius-actor (0.0.2)
      rubinius-core-api
    rubinius-core-api (0.0.1)
    ruby-graphviz (1.0.8)
    ruby-prof (0.11.2)
    rubyzip (0.9.4)
    sass (3.2.3)
    sass-rails (3.2.5)
      railties (~> 3.2.0)
      sass (>= 3.1.10)
      tilt (~> 1.3)
    shoulda-matchers (1.4.2)
      activesupport (>= 3.0.0)
      bourne (~> 1.1.2)
    simple_form (2.0.4)
      actionpack (~> 3.0)
      activemodel (~> 3.0)
    simplecov (0.5.4)
      multi_json (~> 1.0.3)
      simplecov-html (~> 0.5.3)
    simplecov-html (0.5.3)
    slop (2.4.4)
    sprockets (2.2.2)
      hike (~> 1.2)
      multi_json (~> 1.0)
      rack (~> 1.0)
      tilt (~> 1.1, != 1.3.0)
    term-ansicolor (1.0.7)
    terminal-table (1.4.5)
    text-table (1.2.2)
    therubyracer (0.11.0beta8)
      ref
    thor (0.16.0)
    tilt (1.3.3)
    treetop (1.4.12)
      polyglot
      polyglot (>= 0.3.1)
    tzinfo (0.3.35)
    unicorn (4.5.0)
      kgio (~> 2.6)
      rack
      raindrops (~> 0.7)
    watchr (0.7)
    webrat (0.7.3)
      nokogiri (>= 1.2.0)
      rack (>= 1.0)
      rack-test (>= 0.5.3)
    yaml_pack (0.0.3.alpha)
    yard (0.7.5)

PLATFORMS
  ruby

DEPENDENCIES
  activerecord-import (~> 0.2.9)
  airbrake
  annotate
  authlogic
  better_errors
  cancan
  coffee-rails (~> 3.2.1)
  dalli
  default_value_for
  distribution (~> 0.6)
  factory_girl_rails
  fileutils
  fnv
  git!
  guard
  guard-rspec
  haml (~> 3.1.4)
  highline
  jbuilder!
  jquery-rails (~> 2.0.2)
  kaminari (~> 0.13.0)
  libv8 (~> 3.11.8)
  listen
  merit!
  mysql2 (~> 0.3.11)
  pry (~> 0.9.9.3)
  pry-debugger
  pry-rails
  pry-remote
  pry-stack_explorer
  quiet_assets
  rack-cors
  rails (= 3.2.9)
  rb-fsevent
  rdiscount
  rest-client
  rspec-rails (~> 2.12.0)
  rubel (= 0.0.3)
  ruby-graphviz
  ruby-prof
  rubyzip (= 0.9.4)
  sass-rails (~> 3.2.3)
  shoulda-matchers
  simple_form
  simplecov (~> 0.5.3)
  term-ansicolor
  text-table
  therubyracer (= 0.11.0beta8)
  unicorn
  watchr
  webrat
  yaml_pack (~> 0.0.3.alpha)
  yard (~> 0.7.2)
