GIT
  remote: git://github.com/bradhe/ruby-git.git
  revision: de8e04d4e37a54136d4c74d1eb07642cb4849bba
  specs:
    git (1.2.5)

GIT
  remote: git://github.com/quintel/osmosis.git
  revision: ac8a371a76fe9bafd72edca03a8b1f3891abcf8d
  specs:
    osmosis (1.0.0)

GIT
  remote: git://github.com/rails/jbuilder.git
  revision: b1b22160074626d8f24186fd3d43cf87a51a698e
  specs:
    jbuilder (1.0.2)
      activesupport (>= 3.0.0)

GIT
  remote: git@github.com:quintel/merit.git
  revision: a4e2a6765de0ca2ec5c2d716c24582e8b5fa1e5d
  specs:
    merit (0.0.8)
      terminal-table

GEM
  remote: http://rubygems.org/
  remote: http://gems.github.com/
  specs:
    actionmailer (3.2.11)
      actionpack (= 3.2.11)
      mail (~> 2.4.4)
    actionpack (3.2.11)
      activemodel (= 3.2.11)
      activesupport (= 3.2.11)
      builder (~> 3.0.0)
      erubis (~> 2.7.0)
      journey (~> 1.0.4)
      rack (~> 1.4.0)
      rack-cache (~> 1.2)
      rack-test (~> 0.6.1)
      sprockets (~> 2.2.1)
    activemodel (3.2.11)
      activesupport (= 3.2.11)
      builder (~> 3.0.0)
    activerecord (3.2.11)
      activemodel (= 3.2.11)
      activesupport (= 3.2.11)
      arel (~> 3.0.2)
      tzinfo (~> 0.3.29)
    activerecord-import (0.2.11)
      activerecord (~> 3.0)
      activerecord (~> 3.0)
    activeresource (3.2.11)
      activemodel (= 3.2.11)
      activesupport (= 3.2.11)
    activesupport (3.2.11)
      i18n (~> 0.6)
      multi_json (~> 1.0)
    airbrake (3.1.8)
      activesupport
      builder
      json
    annotate (2.5.0)
      rake
    arel (3.0.2)
    authlogic (3.2.0)
      activerecord (>= 3.0.0)
      activesupport (>= 3.0.0)
    better_errors (0.7.2)
      coderay (>= 1.0.0)
      erubis (>= 2.6.6)
    binding_of_caller (0.6.8)
    bourne (1.1.2)
      mocha (= 0.10.5)
    builder (3.0.4)
    cancan (1.6.9)
    coderay (1.0.9)
    coffee-rails (3.2.2)
      coffee-script (>= 2.2.0)
      railties (~> 3.2.0)
    coffee-script (2.2.0)
      coffee-script-source
      execjs
    coffee-script-source (1.6.1)
    columnize (0.3.6)
    dalli (2.6.2)
    debugger (1.1.4)
      columnize (>= 0.3.1)
      debugger-linecache (~> 1.1.1)
      debugger-ruby_core_source (~> 1.1.3)
    debugger-linecache (1.1.2)
      debugger-ruby_core_source (>= 1.1.1)
    debugger-ruby_core_source (1.1.9)
    default_value_for (2.0.2)
    diff-lcs (1.2.1)
    distribution (0.7.0)
    erubis (2.7.0)
    execjs (1.4.0)
      multi_json (~> 1.0)
    factory_girl (4.2.0)
      activesupport (>= 3.0.0)
    factory_girl_rails (4.2.1)
      factory_girl (~> 4.2.0)
      railties (>= 3.0.0)
    fileutils (0.7)
      rmagick (>= 2.13.1)
    fnv (0.2.0)
    guard (1.4.0)
      listen (>= 0.4.2)
      thor (>= 0.14.6)
    guard-rspec (2.5.1)
      guard (>= 1.1)
      rspec (~> 2.11)
    haml (3.1.8)
    highline (1.6.15)
    hike (1.2.1)
    i18n (0.6.4)
    journey (1.0.4)
    jquery-rails (2.0.3)
      railties (>= 3.1.0, < 5.0)
      thor (~> 0.14)
    json (1.7.7)
    kaminari (0.13.0)
      actionpack (>= 3.0.0)
      activesupport (>= 3.0.0)
      railties (>= 3.0.0)
    kgio (2.8.0)
    libv8 (3.11.8.13)
    listen (0.7.3)
    mail (2.4.4)
      i18n (>= 0.4.0)
      mime-types (~> 1.16)
      treetop (~> 1.4.8)
    metaclass (0.0.1)
    method_source (0.7.1)
    mime-types (1.21)
    mocha (0.10.5)
      metaclass (~> 0.0.1)
    multi_json (1.0.4)
    mysql2 (0.3.11)
    nokogiri (1.5.6)
    polyglot (0.3.3)
    pry (0.9.9.6)
      coderay (~> 1.0.5)
      method_source (~> 0.7.1)
      slop (>= 2.4.4, < 3)
    pry-debugger (0.2.0)
      debugger (~> 1.1.3)
      pry (~> 0.9.9)
    pry-rails (0.2.0)
      pry
    pry-remote (0.1.5)
      pry (~> 0.9.9)
      slop (~> 2.1)
    pry-stack_explorer (0.4.7)
      binding_of_caller (~> 0.6.8)
    quiet_assets (1.0.2)
      railties (>= 3.1, < 5.0)
    rack (1.4.5)
    rack-cache (1.2)
      rack (>= 0.4)
    rack-cors (0.2.7)
      rack
    rack-ssl (1.3.3)
      rack
    rack-test (0.6.2)
      rack (>= 1.0)
    rails (3.2.11)
      actionmailer (= 3.2.11)
      actionpack (= 3.2.11)
      activerecord (= 3.2.11)
      activeresource (= 3.2.11)
      activesupport (= 3.2.11)
      bundler (~> 1.0)
      railties (= 3.2.11)
    railties (3.2.11)
      actionpack (= 3.2.11)
      activesupport (= 3.2.11)
      rack-ssl (~> 1.3.2)
      rake (>= 0.8.7)
      rdoc (~> 3.4)
      thor (>= 0.14.6, < 2.0)
    raindrops (0.10.0)
    rake (10.0.3)
    rb-fsevent (0.9.3)
    rdiscount (2.0.7.1)
    rdoc (3.12.2)
      json (~> 1.4)
    ref (1.0.2)
    rest-client (1.6.7)
      mime-types (>= 1.16)
    rmagick (2.13.2)
    rspec (2.13.0)
      rspec-core (~> 2.13.0)
      rspec-expectations (~> 2.13.0)
      rspec-mocks (~> 2.13.0)
    rspec-core (2.13.1)
    rspec-expectations (2.13.0)
      diff-lcs (>= 1.1.3, < 2.0)
    rspec-mocks (2.13.0)
    rspec-rails (2.13.0)
      actionpack (>= 3.0)
      activesupport (>= 3.0)
      railties (>= 3.0)
      rspec-core (~> 2.13.0)
      rspec-expectations (~> 2.13.0)
      rspec-mocks (~> 2.13.0)
    rubel (0.0.3)
    ruby-graphviz (1.0.8)
    ruby-prof (0.13.0)
    rubyzip (0.9.4)
    sass (3.2.7)
    sass-rails (3.2.6)
      railties (~> 3.2.0)
      sass (>= 3.1.10)
      tilt (~> 1.3)
    shoulda-matchers (1.4.2)
      activesupport (>= 3.0.0)
      bourne (~> 1.1.2)
    simple_form (2.1.0)
      actionpack (~> 3.0)
      activemodel (~> 3.0)
    simplecov (0.5.4)
      multi_json (~> 1.0.3)
      simplecov-html (~> 0.5.3)
    simplecov-html (0.5.3)
    slop (2.4.4)
    sprockets (2.2.2)
      hike (~> 1.2)
      multi_json (~> 1.0)
      rack (~> 1.0)
      tilt (~> 1.1, != 1.3.0)
    term-ansicolor (1.1.1)
    terminal-table (1.4.5)
    text-table (1.2.2)
    therubyracer (0.11.0beta8)
      ref
    thor (0.17.0)
    tilt (1.3.5)
    treetop (1.4.12)
      polyglot
      polyglot (>= 0.3.1)
    tzinfo (0.3.37)
    unicorn (4.6.2)
      kgio (~> 2.6)
      rack
      raindrops (~> 0.7)
    watchr (0.7)
    webrat (0.7.3)
      nokogiri (>= 1.2.0)
      rack (>= 1.0)
      rack-test (>= 0.5.3)
    yaml_pack (0.0.3.alpha)
    yard (0.7.5)

PLATFORMS
  ruby

DEPENDENCIES
  activerecord-import (~> 0.2.9)
  airbrake
  annotate
  authlogic
  better_errors
  cancan
  coffee-rails (~> 3.2.1)
  dalli
  default_value_for
  distribution (~> 0.6)
  factory_girl_rails
  fileutils
  fnv
  git!
  guard
  guard-rspec
  haml (~> 3.1.4)
  highline
  jbuilder!
  jquery-rails (~> 2.0.2)
  kaminari (~> 0.13.0)
  libv8 (~> 3.11.8)
  listen
  merit!
  mysql2 (~> 0.3.11)
  osmosis!
  pry (~> 0.9.9.3)
  pry-debugger
  pry-rails
  pry-remote
  pry-stack_explorer
  quiet_assets
  rack-cors
  rails (= 3.2.11)
  rb-fsevent
  rdiscount
  rest-client
  rspec-rails (~> 2.12)
  rubel (= 0.0.3)
  ruby-graphviz
  ruby-prof
  rubyzip (= 0.9.4)
  sass-rails (~> 3.2.3)
  shoulda-matchers
  simple_form
  simplecov (~> 0.5.3)
  term-ansicolor
  text-table
  therubyracer (= 0.11.0beta8)
  unicorn
  watchr
  webrat
  yaml_pack (~> 0.0.3.alpha)
  yard (~> 0.7.2)
