GIT
  remote: git://github.com/bradhe/ruby-git.git
  revision: de8e04d4e37a54136d4c74d1eb07642cb4849bba
  specs:
    git (1.2.5)

GEM
  remote: http://rubygems.org/
  remote: http://gems.github.com/
  specs:
    abstract (1.0.0)
    actionmailer (3.0.11)
      actionpack (= 3.0.11)
      mail (~> 2.2.19)
    actionpack (3.0.11)
      activemodel (= 3.0.11)
      activesupport (= 3.0.11)
      builder (~> 2.1.2)
      erubis (~> 2.6.6)
      i18n (~> 0.5.0)
      rack (~> 1.2.1)
      rack-mount (~> 0.6.14)
      rack-test (~> 0.5.7)
      tzinfo (~> 0.3.23)
    active_reload (0.1.0)
    activemodel (3.0.11)
      activesupport (= 3.0.11)
      builder (~> 2.1.2)
      i18n (~> 0.5.0)
    activerecord (3.0.11)
      activemodel (= 3.0.11)
      activesupport (= 3.0.11)
      arel (~> 2.0.10)
      tzinfo (~> 0.3.23)
    activerecord-import (0.2.7)
      activerecord (~> 3.0.0)
    activeresource (3.0.11)
      activemodel (= 3.0.11)
      activesupport (= 3.0.11)
    activesupport (3.0.11)
    airbrake (3.0.9)
      activesupport
      builder
    annotate (2.4.0)
    arel (2.0.10)
    authlogic (3.1.0)
      activerecord (>= 3.0.7)
      activerecord (>= 3.0.7)
    builder (2.1.2)
    cancan (1.6.7)
    coderay (0.9.8)
    dalli (1.0.5)
    default_value_for (1.0.1)
    diff-lcs (1.1.3)
    distribution (0.6.0)
    erubis (2.6.6)
      abstract (>= 1.0.0)
    factory_girl (2.1.2)
      activesupport
    factory_girl_rails (1.2.0)
      factory_girl (~> 2.1.0)
      railties (>= 3.0.0)
    fileutils (0.7)
      rmagick (>= 2.13.1)
    fnv (0.2.0)
    guard (0.8.8)
      thor (~> 0.14.6)
    guard-rspec (0.5.1)
      guard (>= 0.8.4)
    guard-spork (0.3.1)
      guard (>= 0.8.4)
      spork (>= 0.8.4)
    haml (3.1.3)
    highline (1.6.2)
    i18n (0.5.0)
    jquery-rails (1.0.14)
      railties (~> 3.0)
      thor (~> 0.14)
    json (1.6.1)
    kaminari (0.12.4)
      rails (>= 3.0.0)
    kgio (2.7.2)
    mail (2.2.19)
      activesupport (>= 2.3.6)
      i18n (>= 0.4.0)
      mime-types (~> 1.16)
      treetop (~> 1.4.8)
    memcache-client (1.8.5)
    method_source (0.6.7)
      ruby_parser (>= 2.3.1)
    mime-types (1.17.2)
    multi_json (1.0.4)
    mysql2 (0.2.11)
    nokogiri (1.5.0)
    polyglot (0.3.3)
    pry (0.9.7.3)
      coderay (~> 0.9.8)
      method_source (~> 0.6.7)
      ruby_parser (>= 2.3.1)
      slop (~> 2.1.0)
    pry-remote (0.1.0)
      pry (~> 0.9.6)
      slop (~> 2.1)
    rack (1.2.4)
    rack-cors (0.2.4)
      rack
    rack-mount (0.6.14)
      rack (>= 1.0.0)
    rack-sprockets (1.1.0)
      rack (~> 1.0)
      sprockets (~> 1.0)
    rack-test (0.5.7)
      rack (>= 1.0)
    rails (3.0.11)
      actionmailer (= 3.0.11)
      actionpack (= 3.0.11)
      activerecord (= 3.0.11)
      activeresource (= 3.0.11)
      activesupport (= 3.0.11)
      bundler (~> 1.0)
      railties (= 3.0.11)
    railties (3.0.11)
      actionpack (= 3.0.11)
      activesupport (= 3.0.11)
      rake (>= 0.8.7)
      rdoc (~> 3.4)
      thor (~> 0.14.4)
    raindrops (0.8.0)
    rake (0.9.2.2)
    rb-fsevent (0.4.3.1)
    rdoc (3.11)
      json (~> 1.4)
    rmagick (2.13.1)
    rspec (2.8.0)
      rspec-core (~> 2.8.0)
      rspec-expectations (~> 2.8.0)
      rspec-mocks (~> 2.8.0)
    rspec-core (2.8.0)
    rspec-expectations (2.8.0)
      diff-lcs (~> 1.1.2)
    rspec-mocks (2.8.0)
    rspec-rails (2.8.1)
      actionpack (>= 3.0)
      activesupport (>= 3.0)
      railties (>= 3.0)
      rspec (~> 2.8.0)
    ruby-graphviz (1.0.0)
    ruby-prof (0.10.7)
    ruby_parser (2.3.1)
      sexp_processor (~> 3.0)
    rubyzip (0.9.4)
    sass (3.1.7)
    sexp_processor (3.0.7)
    shoulda-matchers (1.0.0.beta2)
    simple_form (1.4.2)
      actionpack (~> 3.0)
      activemodel (~> 3.0)
    simplecov (0.5.3)
      multi_json (~> 1.0.3)
      simplecov-html (~> 0.5.3)
    simplecov-html (0.5.3)
    slop (2.1.0)
    spork (0.9.0.rc9)
    sprockets (1.0.2)
    sprockets-rails (0.0.1)
      sprockets (>= 1.0.2)
    tabs_on_rails (2.0.2)
    term-ansicolor (1.0.6)
    thor (0.14.6)
    treetop (1.4.8)
      polyglot (>= 0.3.1)
    tzinfo (0.3.31)
    unicorn (4.1.1)
      kgio (~> 2.4)
      rack
      raindrops (~> 0.6)
    webrat (0.7.3)
      nokogiri (>= 1.2.0)
      rack (>= 1.0)
      rack-test (>= 0.5.3)
    yard (0.7.2)

PLATFORMS
  ruby

DEPENDENCIES
  active_reload
  activerecord-import
  airbrake
  annotate
  authlogic
  cancan
  dalli
  default_value_for
  distribution (~> 0.6)
  factory_girl_rails (~> 1.2.0)
  fileutils
  fnv
  git!
  guard
  guard-rspec
  guard-spork
  haml (~> 3.1.3)
  highline
  jquery-rails (~> 1.0.14)
  kaminari
  memcache-client
  mysql2 (~> 0.2.6)
  pry
  pry-remote
  rack-cors
  rack-sprockets
  rails (= 3.0.11)
  rb-fsevent
  rspec-rails (~> 2.8.0)
  ruby-graphviz
  ruby-prof
  rubyzip (= 0.9.4)
  sass (~> 3.1.7)
  shoulda-matchers
  simple_form
  simplecov (~> 0.5.3)
  spork (~> 0.9.0.rc)
  sprockets
  sprockets-rails
  tabs_on_rails
  term-ansicolor
  treetop (= 1.4.8)
  unicorn
  webrat
  yard (~> 0.7.2)
